GEM
  remote: https://rubygems.org/
  specs:
    awesome_print (1.2.0)
    aws-sdk (1.20.0)
      json (~> 1.4)
      nokogiri (>= 1.4.4, < 1.6.0)
      uuidtools (~> 2.1)
    celluloid (0.15.1)
      timers (~> 1.1.0)
    httpclient (2.3.4.1)
    json (1.8.0)
    multi_json (1.8.0)
    nokogiri (1.5.10)
    pusher (0.12.0)
      httpclient (~> 2.3.0)
      multi_json (~> 1.0)
      signature (~> 0.1.6)
    serialport (1.1.0)
    signature (0.1.7)
    slop (3.4.4)
    sucker_punch (1.0.2)
      celluloid (~> 0.15.1)
    timers (1.1.0)
    uuidtools (2.1.4)

PLATFORMS
  ruby

DEPENDENCIES
  awesome_print
  aws-sdk
  pusher
  serialport
  slop
  sucker_punch
